PATH
  remote: .
  specs:
    ideal (0.9.0)
      nap
      nokogiri
      xmldsig (>= 0.2.2)

GEM
  remote: http://rubygems.org/
  specs:
    metaclass (0.0.1)
    mini_portile (0.5.1)
    mocha (0.10.0)
      metaclass (~> 0.0.1)
    nap (0.5.1)
    nokogiri (1.6.0)
      mini_portile (~> 0.5.0)
    rake (0.9.2.2)
    xmldsig (0.2.2)
      nokogiri

PLATFORMS
  ruby

DEPENDENCIES
  ideal!
  mocha
  rake
